GEM
  remote: https://rubygems.org/
  specs:
    excon (0.39.5)
    json (1.8.1)
    macaddr (1.7.1)
      systemu (~> 2.6.2)
    systemu (2.6.4)
    uuid (2.3.7)
      macaddr (~> 1.0)

PLATFORMS
  ruby

DEPENDENCIES
  excon
  json
  uuid
