GEM
  remote: https://rubygems.org/
  specs:
    excon (0.39.5)
    json (1.8.1)

PLATFORMS
  ruby

DEPENDENCIES
  excon
  json
